PATH
  remote: .
  specs:
    mail_parser (0.0.1)
      mail_parser

GEM
  remote: http://rubygems.org/
  specs:
    ZenTest (4.6.2)
    autotest-fsevent (0.2.8)
      sys-uname
    autotest-growl (0.2.16)
    diff-lcs (1.1.3)
    ffi (1.0.11)
    rspec (2.1.0)
      rspec-core (~> 2.1.0)
      rspec-expectations (~> 2.1.0)
      rspec-mocks (~> 2.1.0)
    rspec-core (2.1.0)
    rspec-expectations (2.1.0)
      diff-lcs (~> 1.1.2)
    rspec-mocks (2.1.0)
    shoulda-matchers (1.0.0)
    sys-uname (0.9.0)
      ffi (>= 1.0.0)

PLATFORMS
  ruby

DEPENDENCIES
  ZenTest
  autotest-fsevent
  autotest-growl
  mail_parser!
  rspec (~> 2.1.0)
  shoulda-matchers
